GEM
  remote: https://rubygems.org/
  specs:
    ansi (1.5.0)
    builder (3.3.0)
    cli-kit (5.0.0)
      cli-ui (~> 2.0)
    cli-ui (2.2.3)
    dotenv (2.8.1)
    faraday (2.9.1)
      faraday-net_http (>= 2.0, < 3.2)
    faraday-follow_redirects (0.3.0)
      faraday (>= 1, < 3)
    faraday-multipart (1.0.4)
      multipart-post (~> 2)
    faraday-net_http (3.1.0)
      net-http
    front_matter_parser (1.0.1)
    metaclass (0.0.4)
    mime-types (3.5.2)
      mime-types-data (~> 3.2015)
    mime-types-data (3.2024.0604)
    minitest (5.23.1)
    minitest-reporters (1.6.1)
      ansi
      builder
      minitest (>= 5.0)
      ruby-progressbar
    mocha (1.5.0)
      metaclass (~> 0.0.1)
    multipart-post (2.4.1)
    net-http (0.4.1)
      uri
    ruby-progressbar (1.13.0)
    uri (0.13.0)
    yard (0.9.36)

PLATFORMS
  ruby
  x86_64-linux

DEPENDENCIES
  cli-kit (~> 5.0.0)
  cli-ui (~> 2.2.3)
  dotenv (~> 2.1, >= 2.1.1)
  faraday (~> 2.7, >= 2.9.1)
  faraday-follow_redirects (~> 0.3.0)
  faraday-multipart (~> 1.0, >= 1.0.4)
  front_matter_parser (~> 1.0, >= 1.0.1)
  mime-types (~> 3.1)
  minitest (>= 5.0.0)
  minitest-reporters
  mocha (~> 1.5.0)
  yard

BUNDLED WITH
   2.5.11
