GEM
  remote: https://rubygems.org/
  specs:
    activemodel (7.1.3.4)
      activesupport (= 7.1.3.4)
    activerecord (7.1.3.4)
      activemodel (= 7.1.3.4)
      activesupport (= 7.1.3.4)
      timeout (>= 0.4.0)
    activesupport (7.1.3.4)
      base64
      bigdecimal
      concurrent-ruby (~> 1.0, >= 1.0.2)
      connection_pool (>= 2.2.5)
      drb
      i18n (>= 1.6, < 2)
      minitest (>= 5.1)
      mutex_m
      tzinfo (~> 2.0)
    ansi (1.5.0)
    base64 (0.2.0)
    bigdecimal (3.1.8)
    builder (3.3.0)
    cli-kit (5.0.0)
      cli-ui (~> 2.0)
    cli-ui (2.2.3)
    coderay (1.1.3)
    concurrent-ruby (1.3.3)
    connection_pool (2.4.1)
    dotenv (2.8.1)
    drb (2.2.1)
    faraday (2.9.1)
      faraday-net_http (>= 2.0, < 3.2)
    faraday-follow_redirects (0.3.0)
      faraday (>= 1, < 3)
    faraday-multipart (1.0.4)
      multipart-post (~> 2)
    faraday-net_http (3.1.0)
      net-http
    front_matter_parser (1.0.1)
    i18n (1.14.5)
      concurrent-ruby (~> 1.0)
    metaclass (0.0.4)
    method_source (1.1.0)
    mime-types (3.5.2)
      mime-types-data (~> 3.2015)
    mime-types-data (3.2024.0604)
    mini_portile2 (2.8.7)
    minitest (5.23.1)
    minitest-reporters (1.6.1)
      ansi
      builder
      minitest (>= 5.0)
      ruby-progressbar
    mocha (1.5.0)
      metaclass (~> 0.0.1)
    multipart-post (2.4.1)
    mutex_m (0.2.0)
    net-http (0.4.1)
      uri
    pry (0.14.2)
      coderay (~> 1.1)
      method_source (~> 1.0)
    rake (13.2.1)
    ruby-progressbar (1.13.0)
    sqlite3 (1.7.3)
      mini_portile2 (~> 2.8.0)
    sqlite3 (1.7.3-x86_64-linux)
    terminal-table (3.0.2)
      unicode-display_width (>= 1.1.1, < 3)
    timeout (0.4.1)
    tzinfo (2.0.6)
      concurrent-ruby (~> 1.0)
    unicode-display_width (2.5.0)
    uri (0.13.0)
    yard (0.9.36)

PLATFORMS
  ruby
  x86_64-linux

DEPENDENCIES
  activerecord (~> 7.1, >= 7.1.3.4)
  cli-kit (~> 5.0.0)
  cli-ui (~> 2.2.3)
  dotenv (~> 2.1, >= 2.1.1)
  faraday (~> 2.7, >= 2.9.1)
  faraday-follow_redirects (~> 0.3.0)
  faraday-multipart (~> 1.0, >= 1.0.4)
  front_matter_parser (~> 1.0, >= 1.0.1)
  mime-types (~> 3.1)
  minitest (>= 5.0.0)
  minitest-reporters
  mocha (~> 1.5.0)
  pry
  rake (~> 13.0, >= 13.0.6)
  sqlite3 (~> 1.4)
  terminal-table (~> 3.0, >= 3.0.1)
  yard

BUNDLED WITH
   2.5.11
